GEM
  remote: https://rubygems.org/
  specs:
    rake (11.1.2)
    sass (3.4.22)

PLATFORMS
  ruby

DEPENDENCIES
  rake
  sass

BUNDLED WITH
   1.12.5
